GIT
  remote: git://github.com/saberespoder/sep-danger.git
  revision: dbc4aed9ddf4164eb8690b1c754af79ecb2dbd1c
  branch: dev
  specs:
    sep-danger (0.1.5)
      danger (~> 4.2)
      danger-junit
      danger-pronto
      danger-rubocop
      danger-simplecov_json
      pronto
      pronto-haml
      pronto-rails_best_practices
      pronto-rubocop
      pronto-stylelint

GEM
  remote: https://rubygems.org/
  specs:
    activesupport (5.1.0)
      concurrent-ruby (~> 1.0, >= 1.0.2)
      i18n (~> 0.7)
      minitest (~> 5.1)
      tzinfo (~> 1.1)
    addressable (2.5.1)
      public_suffix (~> 2.0, >= 2.0.2)
    ast (2.3.0)
    claide (1.0.1)
    claide-plugins (0.9.2)
      cork
      nap
      open4 (~> 1.3)
    code_analyzer (0.4.7)
      sexp_processor
    colored2 (3.1.2)
    concurrent-ruby (1.0.5)
    cork (0.3.0)
      colored2 (~> 3.1)
    danger (4.3.5)
      claide (~> 1.0)
      claide-plugins (>= 0.9.2)
      colored2 (~> 3.1)
      cork (~> 0.1)
      faraday (~> 0.9)
      faraday-http-cache (~> 1.0)
      git (~> 1)
      kramdown (~> 1.5)
      octokit (~> 4.2)
      terminal-table (~> 1)
    danger-junit (0.7.3)
      danger (> 2.0)
      ox (~> 2.0)
    danger-plugin-api (1.0.0)
      danger (> 2.0)
    danger-pronto (0.0.1)
      danger-plugin-api (~> 1.0)
    danger-rubocop (0.4.0)
      danger
      rubocop
    danger-simplecov_json (0.3.0)
      danger-plugin-api (~> 1.0)
    erubis (2.7.0)
    faraday (0.12.1)
      multipart-post (>= 1.2, < 3)
    faraday-http-cache (1.3.1)
      faraday (~> 0.8)
    git (1.3.0)
    gitlab (4.0.0)
      httparty
      terminal-table (= 1.7.1)
    haml (5.0.0)
      temple (>= 0.8.0)
      tilt
    haml_lint (0.24.0)
      haml (>= 4.0, < 5.1)
      rainbow
      rake (>= 10, < 13)
      rubocop (>= 0.47.0)
      sysexits (~> 1.1)
    httparty (0.14.0)
      multi_xml (>= 0.5.2)
    i18n (0.8.1)
    json (2.1.0)
    kramdown (1.13.2)
    minitest (5.10.1)
    multi_xml (0.6.0)
    multipart-post (2.0.0)
    nap (1.1.0)
    octokit (4.7.0)
      sawyer (~> 0.8.0, >= 0.5.3)
    open4 (1.3.4)
    ox (2.4.13)
    parser (2.4.0.0)
      ast (~> 2.2)
    powerpack (0.1.1)
    pronto (0.9.2)
      gitlab (~> 4.0, >= 4.0.0)
      httparty (>= 0.13.7, < 0.15)
      octokit (~> 4.7, >= 4.7.0)
      rainbow (~> 2.1)
      rugged (~> 0.24, >= 0.23.0)
      thor (~> 0.19.0)
    pronto-haml (0.9.0)
      haml_lint (~> 0.23)
      pronto (~> 0.9.0)
    pronto-rails_best_practices (0.9.0)
      pronto (~> 0.9.0)
      rails_best_practices (~> 1.16, >= 1.15.0)
    pronto-rubocop (0.9.0)
      pronto (~> 0.9.0)
      rubocop (~> 0.38, >= 0.35.0)
    pronto-stylelint (0.9.0)
      pronto (~> 0.9.0)
      rugged (~> 0.24, >= 0.23.0)
    public_suffix (2.0.5)
    rails_best_practices (1.18.0)
      activesupport
      code_analyzer (>= 0.4.3)
      erubis
      i18n
      json
      require_all
      ruby-progressbar
    rainbow (2.2.2)
      rake
    rake (12.0.0)
    require_all (1.4.0)
    rubocop (0.48.1)
      parser (>= 2.3.3.1, < 3.0)
      powerpack (~> 0.1)
      rainbow (>= 1.99.1, < 3.0)
      ruby-progressbar (~> 1.7)
      unicode-display_width (~> 1.0, >= 1.0.1)
    ruby-progressbar (1.8.1)
    rugged (0.25.1.1)
    sawyer (0.8.1)
      addressable (>= 2.3.5, < 2.6)
      faraday (~> 0.8, < 1.0)
    sexp_processor (4.9.0)
    sysexits (1.2.0)
    temple (0.8.0)
    terminal-table (1.7.1)
      unicode-display_width (~> 1.1.1)
    thor (0.19.4)
    thread_safe (0.3.6)
    tilt (2.0.7)
    tzinfo (1.2.3)
      thread_safe (~> 0.1)
    unicode-display_width (1.1.3)

PLATFORMS
  ruby

DEPENDENCIES
  sep-danger!

RUBY VERSION
   ruby 2.4.0p0

BUNDLED WITH
   1.14.6
